GEM
  remote: https://rubygems.org/
  specs:
    backports (3.6.0)
    bacon (1.2.0)
    ethon (0.6.3)
      ffi (>= 1.3.0)
      mime-types (~> 1.18)
    execjs (2.0.2)
    ffi (1.9.3)
    haml (4.0.5)
      tilt
    json (1.8.1)
    maruku (0.7.1)
    mime-types (1.25.1)
    multi_json (1.9.0)
    newrelic_rpm (3.7.3.204)
    puma (2.8.1)
      rack (>= 1.1, < 2.0)
    rack (1.5.2)
    rack-protection (1.5.2)
      rack
    rack-test (0.6.2)
      rack (>= 1.0)
    sinatra (1.4.4)
      rack (~> 1.4)
      rack-protection (~> 1.4)
      tilt (~> 1.3, >= 1.3.4)
    sinatra-contrib (1.4.2)
      backports (>= 2.0)
      multi_json
      rack-protection
      rack-test
      sinatra (~> 1.4.0)
      tilt (~> 1.3)
    tilt (1.4.1)
    typhoeus (0.6.7)
      ethon (~> 0.6.2)
    uglifier (2.4.0)
      execjs (>= 0.3.0)
      json (>= 1.8.0)

PLATFORMS
  ruby

DEPENDENCIES
  bacon
  haml
  maruku
  newrelic_rpm
  puma
  sinatra
  sinatra-contrib
  typhoeus
  uglifier
